GEM
  remote: https://rubygems.org/
  specs:
    actioncable (7.1.1)
      actionpack (= 7.1.1)
      activesupport (= 7.1.1)
      nio4r (~> 2.0)
      websocket-driver (>= 0.6.1)
      zeitwerk (~> 2.6)
    actionmailbox (7.1.1)
      actionpack (= 7.1.1)
      activejob (= 7.1.1)
      activerecord (= 7.1.1)
      activestorage (= 7.1.1)
      activesupport (= 7.1.1)
      mail (>= 2.7.1)
      net-imap
      net-pop
      net-smtp
    actionmailer (7.1.1)
      actionpack (= 7.1.1)
      actionview (= 7.1.1)
      activejob (= 7.1.1)
      activesupport (= 7.1.1)
      mail (~> 2.5, >= 2.5.4)
      net-imap
      net-pop
      net-smtp
      rails-dom-testing (~> 2.2)
    actionpack (7.1.1)
      actionview (= 7.1.1)
      activesupport (= 7.1.1)
      nokogiri (>= 1.8.5)
      rack (>= 2.2.4)
      rack-session (>= 1.0.1)
      rack-test (>= 0.6.3)
      rails-dom-testing (~> 2.2)
      rails-html-sanitizer (~> 1.6)
    actiontext (7.1.1)
      actionpack (= 7.1.1)
      activerecord (= 7.1.1)
      activestorage (= 7.1.1)
      activesupport (= 7.1.1)
      globalid (>= 0.6.0)
      nokogiri (>= 1.8.5)
    actionview (7.1.1)
      activesupport (= 7.1.1)
      builder (~> 3.1)
      erubi (~> 1.11)
      rails-dom-testing (~> 2.2)
      rails-html-sanitizer (~> 1.6)
    activejob (7.1.1)
      activesupport (= 7.1.1)
      globalid (>= 0.3.6)
    activemodel (7.1.1)
      activesupport (= 7.1.1)
    activerecord (7.1.1)
      activemodel (= 7.1.1)
      activesupport (= 7.1.1)
      timeout (>= 0.4.0)
    activestorage (7.1.1)
      actionpack (= 7.1.1)
      activejob (= 7.1.1)
      activerecord (= 7.1.1)
      activesupport (= 7.1.1)
      marcel (~> 1.0)
    activesupport (7.1.1)
      base64
      bigdecimal
      concurrent-ruby (~> 1.0, >= 1.0.2)
      connection_pool (>= 2.2.5)
      drb
      i18n (>= 1.6, < 2)
      minitest (>= 5.1)
      mutex_m
      tzinfo (~> 2.0)
    addressable (2.8.5)
      public_suffix (>= 2.0.2, < 6.0)
    ast (2.4.2)
    aws-eventstream (1.3.0)
    aws-partitions (1.883.0)
    aws-sdk-core (3.191.0)
      aws-eventstream (~> 1, >= 1.3.0)
      aws-partitions (~> 1, >= 1.651.0)
      aws-sigv4 (~> 1.8)
      jmespath (~> 1, >= 1.6.1)
    aws-sdk-kms (1.77.0)
      aws-sdk-core (~> 3, >= 3.191.0)
      aws-sigv4 (~> 1.1)
    aws-sdk-s3 (1.143.0)
      aws-sdk-core (~> 3, >= 3.191.0)
      aws-sdk-kms (~> 1)
      aws-sigv4 (~> 1.8)
    aws-sigv4 (1.8.0)
      aws-eventstream (~> 1, >= 1.0.2)
    base64 (0.2.0)
    bcrypt (3.1.20)
    bigdecimal (3.1.4)
    bindex (0.8.1)
    bootsnap (1.17.0)
      msgpack (~> 1.2)
    builder (3.2.4)
    bullet (7.1.6)
      activesupport (>= 3.0.0)
      uniform_notifier (~> 1.11)
    capybara (3.39.2)
      addressable
      matrix
      mini_mime (>= 0.1.3)
      nokogiri (~> 1.8)
      rack (>= 1.6.0)
      rack-test (>= 0.6.3)
      regexp_parser (>= 1.5, < 3.0)
      xpath (~> 3.2)
    carrierwave (3.0.5)
      activemodel (>= 6.0.0)
      activesupport (>= 6.0.0)
      addressable (~> 2.6)
      image_processing (~> 1.1)
      marcel (~> 1.0.0)
      ssrf_filter (~> 1.0)
    coderay (1.1.3)
    concurrent-ruby (1.2.2)
    connection_pool (2.4.1)
    crass (1.0.6)
    date (3.3.4)
    debug (1.8.0)
      irb (>= 1.5.0)
      reline (>= 0.3.1)
    diff-lcs (1.5.0)
    dockerfile-rails (1.5.12)
      rails (>= 3.0.0)
    drb (2.2.0)
      ruby2_keywords
    enum_help (0.0.19)
      activesupport (>= 3.0.0)
    erubi (1.12.0)
    factory_bot (6.4.2)
      activesupport (>= 5.0.0)
    factory_bot_rails (6.4.2)
      factory_bot (~> 6.4)
      railties (>= 5.0.0)
    faker (3.2.2)
      i18n (>= 1.8.11, < 2)
    faraday (2.7.12)
      base64
      faraday-net_http (>= 2.0, < 3.1)
      ruby2_keywords (>= 0.0.4)
    faraday-net_http (3.0.2)
    ffi (1.16.3)
    globalid (1.2.1)
      activesupport (>= 6.1)
    google-cloud-env (2.1.0)
      faraday (>= 1.0, < 3.a)
    googleauth (1.9.1)
      faraday (>= 1.0, < 3.a)
      google-cloud-env (~> 2.1)
      jwt (>= 1.4, < 3.0)
      multi_json (~> 1.11)
      os (>= 0.9, < 2.0)
      signet (>= 0.16, < 2.a)
    hashie (5.0.0)
    i18n (1.14.1)
      concurrent-ruby (~> 1.0)
    image_processing (1.12.2)
      mini_magick (>= 4.9.5, < 5)
      ruby-vips (>= 2.0.17, < 3)
    importmap-rails (2.0.1)
      actionpack (>= 6.0.0)
      activesupport (>= 6.0.0)
      railties (>= 6.0.0)
    io-console (0.6.0)
    irb (1.8.3)
      rdoc
      reline (>= 0.3.8)
    jbuilder (2.11.5)
      actionview (>= 5.0.0)
      activesupport (>= 5.0.0)
    jmespath (1.6.2)
    json (2.7.1)
    jwt (2.7.1)
    kaminari (1.2.2)
      activesupport (>= 4.1.0)
      kaminari-actionview (= 1.2.2)
      kaminari-activerecord (= 1.2.2)
      kaminari-core (= 1.2.2)
    kaminari-actionview (1.2.2)
      actionview
      kaminari-core (= 1.2.2)
    kaminari-activerecord (1.2.2)
      activerecord
      kaminari-core (= 1.2.2)
    kaminari-core (1.2.2)
    language_server-protocol (3.17.0.3)
    loofah (2.21.4)
      crass (~> 1.0.2)
      nokogiri (>= 1.12.0)
    mail (2.8.1)
      mini_mime (>= 0.1.1)
      net-imap
      net-pop
      net-smtp
    marcel (1.0.2)
    matrix (0.4.2)
    method_source (1.0.0)
    mini_magick (4.12.0)
    mini_mime (1.1.5)
    minitest (5.20.0)
    msgpack (1.7.2)
    multi_json (1.15.0)
    multi_xml (0.6.0)
    mutex_m (0.2.0)
    net-imap (0.4.4)
      date
      net-protocol
    net-pop (0.1.2)
      net-protocol
    net-protocol (0.2.2)
      timeout
    net-smtp (0.4.0)
      net-protocol
    nio4r (2.5.9)
    nokogiri (1.15.4-aarch64-linux)
      racc (~> 1.4)
    nokogiri (1.15.4-arm64-darwin)
      racc (~> 1.4)
    nokogiri (1.15.4-x86_64-linux)
      racc (~> 1.4)
    oauth (1.1.0)
      oauth-tty (~> 1.0, >= 1.0.1)
      snaky_hash (~> 2.0)
      version_gem (~> 1.1)
    oauth-tty (1.0.5)
      version_gem (~> 1.1, >= 1.1.1)
    oauth2 (2.0.9)
      faraday (>= 0.17.3, < 3.0)
      jwt (>= 1.0, < 3.0)
      multi_xml (~> 0.5)
      rack (>= 1.2, < 4)
      snaky_hash (~> 2.0)
      version_gem (~> 1.1)
    os (1.1.4)
    parallel (1.23.0)
    parser (3.2.2.4)
      ast (~> 2.4.1)
      racc
    pg (1.5.4)
    pry (0.14.2)
      coderay (~> 1.1)
      method_source (~> 1.0)
    pry-remote (0.1.8)
      pry (~> 0.9)
      slop (~> 3.0)
    psych (5.1.1.1)
      stringio
    public_suffix (5.0.4)
    puma (6.4.0)
      nio4r (~> 2.0)
    racc (1.7.3)
    rack (2.2.8)
    rack-session (1.0.2)
      rack (< 3)
    rack-test (2.1.0)
      rack (>= 1.3)
    rackup (1.0.0)
      rack (< 3)
      webrick
    rails (7.1.1)
      actioncable (= 7.1.1)
      actionmailbox (= 7.1.1)
      actionmailer (= 7.1.1)
      actionpack (= 7.1.1)
      actiontext (= 7.1.1)
      actionview (= 7.1.1)
      activejob (= 7.1.1)
      activemodel (= 7.1.1)
      activerecord (= 7.1.1)
      activestorage (= 7.1.1)
      activesupport (= 7.1.1)
      bundler (>= 1.15.0)
      railties (= 7.1.1)
    rails-dom-testing (2.2.0)
      activesupport (>= 5.0.0)
      minitest
      nokogiri (>= 1.6)
    rails-html-sanitizer (1.6.0)
      loofah (~> 2.21)
      nokogiri (~> 1.14)
    rails-i18n (7.0.8)
      i18n (>= 0.7, < 2)
      railties (>= 6.0.0, < 8)
    railties (7.1.1)
      actionpack (= 7.1.1)
      activesupport (= 7.1.1)
      irb
      rackup (>= 1.0.0)
      rake (>= 12.2)
      thor (~> 1.0, >= 1.2.2)
      zeitwerk (~> 2.6)
    rainbow (3.1.1)
    rake (13.1.0)
    rdoc (6.6.0)
      psych (>= 4.0.0)
    regexp_parser (2.8.3)
    reline (0.4.0)
      io-console (~> 0.5)
    rexml (3.2.6)
    rspec-core (3.12.2)
      rspec-support (~> 3.12.0)
    rspec-expectations (3.12.3)
      diff-lcs (>= 1.2.0, < 2.0)
      rspec-support (~> 3.12.0)
    rspec-mocks (3.12.6)
      diff-lcs (>= 1.2.0, < 2.0)
      rspec-support (~> 3.12.0)
    rspec-rails (6.1.0)
      actionpack (>= 6.1)
      activesupport (>= 6.1)
      railties (>= 6.1)
      rspec-core (~> 3.12)
      rspec-expectations (~> 3.12)
      rspec-mocks (~> 3.12)
      rspec-support (~> 3.12)
    rspec-support (3.12.1)
    rubocop (1.58.0)
      json (~> 2.3)
      language_server-protocol (>= 3.17.0)
      parallel (~> 1.10)
      parser (>= 3.2.2.4)
      rainbow (>= 2.2.2, < 4.0)
      regexp_parser (>= 1.8, < 3.0)
      rexml (>= 3.2.5, < 4.0)
      rubocop-ast (>= 1.30.0, < 2.0)
      ruby-progressbar (~> 1.7)
      unicode-display_width (>= 2.4.0, < 3.0)
    rubocop-ast (1.30.0)
      parser (>= 3.2.1.0)
    rubocop-checkstyle_formatter (0.6.0)
      rubocop (>= 1.14.0)
    rubocop-rails (2.22.2)
      activesupport (>= 4.2.0)
      rack (>= 1.1)
      rubocop (>= 1.33.0, < 2.0)
      rubocop-ast (>= 1.30.0, < 2.0)
    ruby-progressbar (1.13.0)
    ruby-vips (2.2.0)
      ffi (~> 1.12)
    ruby2_keywords (0.0.5)
    rubyzip (2.3.2)
    scout_apm (5.3.5)
      parser
    selenium-webdriver (4.10.0)
      rexml (~> 3.2, >= 3.2.5)
      rubyzip (>= 1.2.2, < 3.0)
      websocket (~> 1.0)
    sentry-rails (5.14.0)
      railties (>= 5.0)
      sentry-ruby (~> 5.14.0)
    sentry-ruby (5.14.0)
      concurrent-ruby (~> 1.0, >= 1.0.2)
    signet (0.18.0)
      addressable (~> 2.8)
      faraday (>= 0.17.5, < 3.a)
      jwt (>= 1.5, < 3.0)
      multi_json (~> 1.10)
    slop (3.6.0)
    snaky_hash (2.0.1)
      hashie
      version_gem (~> 1.1, >= 1.1.1)
    sorcery (0.16.5)
      bcrypt (~> 3.1)
      oauth (>= 0.6)
      oauth2 (~> 2.0)
    sprockets (4.2.1)
      concurrent-ruby (~> 1.0)
      rack (>= 2.2.4, < 4)
    sprockets-rails (3.4.2)
      actionpack (>= 5.2)
      activesupport (>= 5.2)
      sprockets (>= 3.0.0)
    ssrf_filter (1.1.2)
    stimulus-rails (1.3.0)
      railties (>= 6.0.0)
    stringio (3.0.9)
    tailwindcss-rails (2.0.33-aarch64-linux)
      railties (>= 6.0.0)
    tailwindcss-rails (2.0.33-arm64-darwin)
      railties (>= 6.0.0)
    tailwindcss-rails (2.0.33-x86_64-linux)
      railties (>= 6.0.0)
    thor (1.3.0)
    timeout (0.4.1)
    turbo-rails (1.5.0)
      actionpack (>= 6.0.0)
      activejob (>= 6.0.0)
      railties (>= 6.0.0)
    tzinfo (2.0.6)
      concurrent-ruby (~> 1.0)
    unicode-display_width (2.5.0)
    uniform_notifier (1.16.0)
    version_gem (1.1.3)
    web-console (4.2.1)
      actionview (>= 6.0.0)
      activemodel (>= 6.0.0)
      bindex (>= 0.4.0)
      railties (>= 6.0.0)
    webdrivers (5.3.1)
      nokogiri (~> 1.6)
      rubyzip (>= 1.3.0)
      selenium-webdriver (~> 4.0, < 4.11)
    webrick (1.8.1)
    websocket (1.2.10)
    websocket-driver (0.7.6)
      websocket-extensions (>= 0.1.0)
    websocket-extensions (0.1.5)
    xpath (3.2.0)
      nokogiri (~> 1.8)
    zeitwerk (2.6.12)

PLATFORMS
  aarch64-linux
  arm64-darwin-22
  x86_64-linux

DEPENDENCIES
  aws-sdk-s3
  bootsnap
  bullet
  capybara
  carrierwave (~> 3.0)
  debug
  dockerfile-rails (>= 1.5)
  enum_help
  factory_bot_rails
  faker
  faraday
  googleauth
  image_processing (~> 1.2)
  importmap-rails
  jbuilder
  kaminari
  pg (~> 1.1)
  pry-remote
  puma (>= 5.0)
  rails (~> 7.1.1)
  rails-i18n (~> 7.0.0)
  rspec-rails
  rubocop
  rubocop-checkstyle_formatter
  rubocop-rails
  scout_apm
  sentry-rails (~> 5.14)
  sentry-ruby (~> 5.14)
  sorcery (= 0.16.5)
  sprockets-rails
  stimulus-rails
  tailwindcss-rails (~> 2.0)
  turbo-rails
  tzinfo-data
  web-console
  webdrivers

RUBY VERSION
   ruby 3.2.2p53

BUNDLED WITH
   2.4.13
